GEM
  remote: https://rubygems.org/
  specs:
    backports (3.15.0)
    god (0.13.7)
    json (2.3.0)
    multi_json (1.14.1)
    mustermann (1.0.3)
    nio4r (2.5.8)
    puma (4.3.9)
      nio4r (~> 2.0)
    rack (2.1.4.2)
    rack-protection (2.0.7)
      rack
    rack-test (1.1.0)
      rack (>= 1.0, < 3)
    sinatra (2.0.7)
      mustermann (~> 1.0)
      rack (~> 2.0)
      rack-protection (= 2.0.7)
      tilt (~> 2.0)
    sinatra-contrib (2.0.7)
      backports (>= 2.8.2)
      multi_json
      mustermann (~> 1.0)
      rack-protection (= 2.0.7)
      sinatra (= 2.0.7)
      tilt (~> 2.0)
    tilt (2.0.10)

PLATFORMS
  ruby

DEPENDENCIES
  god
  json
  puma
  rack
  rack-test
  sinatra
  sinatra-contrib

BUNDLED WITH
   2.0.2
